GEM
  remote: https://rubygems.org/
  specs:
    execjs (2.7.0)
    haml (5.0.4)
      temple (>= 0.8.0)
      tilt
    mustermann (1.0.3)
    pg (1.1.3)
    rack (2.0.5)
    rack-protection (2.0.4)
      rack
    sinatra (2.0.4)
      mustermann (~> 1.0)
      rack (~> 2.0)
      rack-protection (= 2.0.4)
      tilt (~> 2.0)
    stylus (1.0.2)
      execjs
      stylus-source
    stylus-source (0.54.5)
    temple (0.8.0)
    tilt (2.0.8)

PLATFORMS
  ruby

DEPENDENCIES
  haml (= 5.0.4)
  pg (= 1.1.3)
  sinatra (= 2.0.4)
  stylus (= 1.0.2)

RUBY VERSION
   ruby 2.3.0p0

BUNDLED WITH
   1.16.2
